GEM
  remote: https://rubygems.org/
  specs:
    gruff (0.7.0)
      rmagick (~> 2.13, >= 2.13.4)
    json (2.0.1)
    rmagick (2.15.4)

PLATFORMS
  ruby

DEPENDENCIES
  gruff
  json

BUNDLED WITH
   1.11.2
